GEM
  remote: http://rubygems.org/
  specs:
    amq-client (0.9.2)
      amq-protocol (>= 0.9.0)
      eventmachine
    amq-protocol (0.9.0)
    amqp (0.9.4)
      amq-client (~> 0.9.2)
      amq-protocol (>= 0.9.0)
      eventmachine
    carrot (1.2.0)
    daemons (1.1.8)
    eventmachine (0.12.10)
    haml (3.1.4)
    log4r (1.1.10)
    rack (1.4.1)
    rack-protection (1.2.0)
      rack
    sass (3.1.15)
    sequel (3.33.0)
    sinatra (1.3.2)
      rack (~> 1.3, >= 1.3.6)
      rack-protection (~> 1.2)
      tilt (~> 1.3, >= 1.3.3)
    sinatra-static-assets (1.0.3)
      sinatra (>= 1.1.0)
    sqlite3 (1.3.5)
    thin (1.3.1)
      daemons (>= 1.0.9)
      eventmachine (>= 0.12.6)
      rack (>= 1.0.0)
    tilt (1.3.3)
    trollop (1.16.2)
    vlcrc (0.1.15)
      trollop (~> 1.16.2)

PLATFORMS
  ruby

DEPENDENCIES
  amqp
  carrot
  haml
  log4r
  rack
  sass
  sequel
  sinatra
  sinatra-static-assets
  sqlite3
  thin
  vlcrc
